GEM
  remote: https://rubygems.org/
  specs:
    cgi (0.3.6)
    erb (4.0.3)
      cgi (>= 0.3.3)
    mustermann (3.0.0)
      ruby2_keywords (~> 0.0.1)
    primrose (0.0.3)
      erb (~> 4.0)
    rack (2.2.8)
    rack-protection (3.1.0)
      rack (~> 2.2, >= 2.2.4)
    ruby2_keywords (0.0.5)
    sinatra (3.1.0)
      mustermann (~> 3.0)
      rack (~> 2.2, >= 2.2.4)
      rack-protection (= 3.1.0)
      tilt (~> 2.0)
    tilt (2.3.0)

PLATFORMS
  x86_64-darwin-22
  x86_64-linux

DEPENDENCIES
  primrose (~> 0.0.1)
  sinatra (~> 3.1)

BUNDLED WITH
   2.4.21
